GEM
  specs:
    compass (0.10.5)
      haml (>= 3.0.4)
    haml (3.0.22)
    rack (1.2.1)
    staticmatic (0.11.0.alpha.10)
      compass (>= 0.10.0)
      haml (>= 2.0.0)
      rack (>= 1.0)

PLATFORMS
  ruby

DEPENDENCIES
  staticmatic (= 0.11.0.alpha.10)
